SPECIFIC-VERSION: FALSE
RESTRICTION: == net452
NUGET
  remote: https://www.nuget.org/api/v2
    7-Zip.CommandLine (16.4)
    gitlink (2.4)
    NuGet.CommandLine (4.4.1)
